PATH
  remote: .
  specs:
    kubernetes-cli (0.6.0)
      kubectl-rb (~> 0.2)

GEM
  remote: https://rubygems.org/
  specs:
    ast (2.4.2)
    base64 (0.2.0)
    benchmark (0.4.0)
    byebug (11.1.3)
    coderay (1.1.3)
    commander (5.0.0)
      highline (~> 3.0.0)
    curdle (1.2.2)
      parser (~> 3.1)
    diff-lcs (1.5.0)
    dry-inflector (0.3.0)
    erubi (1.13.1)
    highline (3.0.1)
    kind-rb (0.1.0-arm64-darwin)
    kind-rb (0.1.0-x86_64-darwin)
    kind-rb (0.1.0-x86_64-linux)
    kube-dsl (0.7.5)
      dry-inflector (~> 0.2)
    kubectl-rb (0.2.1-arm64-darwin)
    kubectl-rb (0.2.1-x86_64-darwin)
    kubectl-rb (0.2.1-x86_64-linux)
    method_source (1.0.0)
    netrc (0.11.0)
    parallel (1.26.3)
    parlour (9.0.0)
      commander (~> 5.0)
      parser
      rainbow (~> 3.0)
      sorbet-runtime (>= 0.5)
    parser (3.2.2.1)
      ast (~> 2.4.1)
    prism (1.3.0)
    pry (0.14.2)
      coderay (~> 1.1)
      method_source (~> 1.0)
    pry-byebug (3.10.1)
      byebug (~> 11.0)
      pry (>= 0.13, < 0.15)
    racc (1.8.1)
    rainbow (3.1.1)
    rake (13.0.6)
    rbi (0.2.4)
      prism (~> 1.0)
      sorbet-runtime (>= 0.5.9204)
    rspec (3.12.0)
      rspec-core (~> 3.12.0)
      rspec-expectations (~> 3.12.0)
      rspec-mocks (~> 3.12.0)
    rspec-core (3.12.2)
      rspec-support (~> 3.12.0)
    rspec-expectations (3.12.3)
      diff-lcs (>= 1.2.0, < 2.0)
      rspec-support (~> 3.12.0)
    rspec-mocks (3.12.5)
      diff-lcs (>= 1.2.0, < 2.0)
      rspec-support (~> 3.12.0)
    rspec-support (3.12.0)
    sorbet (0.5.11865)
      sorbet-static (= 0.5.11865)
    sorbet-runtime (0.5.11865)
    sorbet-static (0.5.11865-universal-darwin)
    sorbet-static (0.5.11865-x86_64-linux)
    sorbet-static-and-runtime (0.5.11865)
      sorbet (= 0.5.11865)
      sorbet-runtime (= 0.5.11865)
    spoom (1.5.4)
      erubi (>= 1.10.0)
      prism (>= 0.28.0)
      rbi (>= 0.2.3)
      sorbet-static-and-runtime (>= 0.5.10187)
      thor (>= 0.19.2)
    tapioca (0.16.11)
      benchmark
      bundler (>= 2.2.25)
      netrc (>= 0.11.0)
      parallel (>= 1.21.0)
      rbi (~> 0.2)
      sorbet-static-and-runtime (>= 0.5.11087)
      spoom (>= 1.2.0)
      thor (>= 1.2.0)
      yard-sorbet
    thor (1.3.2)
    yard (0.9.37)
    yard-sorbet (0.9.0)
      sorbet-runtime
      yard

PLATFORMS
  arm64-darwin-23
  x86_64-darwin-20
  x86_64-linux

DEPENDENCIES
  base64
  curdle (~> 1.0)
  kind-rb (~> 0.1)
  kube-dsl (~> 0.6)
  kubectl-rb
  kubernetes-cli!
  parlour (~> 9.0)
  pry-byebug
  racc
  rake
  rspec
  sorbet (= 0.5.11865)
  tapioca (~> 0.16)

BUNDLED WITH
   2.4.5
